GEM
  remote: https://rubygems.org/
  specs:
    ansi (1.5.0)
    builder (3.2.4)
    minitest (5.17.0)
    minitest-reporters (1.5.0)
      ansi
      builder
      minitest (>= 5.0)
      ruby-progressbar
    pg (1.4.5)
    ruby-progressbar (1.11.0)

PLATFORMS
  x86_64-linux

DEPENDENCIES
  minitest (~> 5.10)
  minitest-reporters (~> 1.1)
  pg

RUBY VERSION
   ruby 3.1.3p185

BUNDLED WITH
   2.4.1
